GEM
  remote: http://rubygems.org/
  specs:
    addressable (2.2.5)
    data_objects (0.10.4)
    dm-aggregates (1.1.0)
      dm-core (~> 1.1.0)
    dm-constraints (1.1.0)
      dm-core (~> 1.1.0)
    dm-core (1.1.0)
      addressable (~> 2.2.4)
    dm-do-adapter (1.1.0)
      data_objects (~> 0.10.2)
      dm-core (~> 1.1.0)
    dm-migrations (1.1.0)
      dm-core (~> 1.1.0)
    dm-sqlite-adapter (1.1.0)
      dm-do-adapter (~> 1.1.0)
      do_sqlite3 (~> 0.10.2)
    dm-timestamps (1.1.0)
      dm-core (~> 1.1.0)
    dm-transactions (1.1.0)
      dm-core (~> 1.1.0)
    dm-validations (1.1.0)
      dm-core (~> 1.1.0)
    do_sqlite3 (0.10.4)
      data_objects (= 0.10.4)
    do_sqlite3 (0.10.4-x86-mingw32)
      data_objects (= 0.10.4)
    rack (1.2.2)
    rack-flash (0.1.1)
      rack
    sinatra (1.2.6)
      rack (~> 1.1)
      tilt (>= 1.2.2, < 2.0)
    sinatra-redirect-with-flash (0.1.2)
      rack-flash (>= 0.1.1)
      sinatra (>= 0.9.1)
    sqlite3 (1.3.3)
    sqlite3 (1.3.3-x86-mingw32)
    tilt (1.3)

PLATFORMS
  ruby
  x86-mingw32

DEPENDENCIES
  dm-aggregates (= 1.1.0)
  dm-constraints (= 1.1.0)
  dm-core (= 1.1.0)
  dm-do-adapter (= 1.1.0)
  dm-migrations (= 1.1.0)
  dm-sqlite-adapter (= 1.1.0)
  dm-timestamps (= 1.1.0)
  dm-transactions (= 1.1.0)
  dm-validations (= 1.1.0)
  rack-flash (= 0.1.1)
  sinatra (= 1.2.6)
  sinatra-redirect-with-flash (= 0.1.2)
  sqlite3 (= 1.3.3)
